STORAGE: NONE
RESTRICTION: == netcoreapp3.0
NUGET
  remote: https://api.nuget.org/v3/index.json
    ControlzEx (4.3.0-alpha0107)
      Microsoft.Xaml.Behaviors.Wpf (>= 1.1.19)
      System.Text.Json (>= 4.7.1)
    Elmish (3.0.6)
      FSharp.Core (>= 4.6.2)
    Elmish.WPF (3.5.5)
      Elmish (>= 3.0.3 < 4.0)
      FSharp.Core (>= 4.6.2)
    FSharp.Core (4.7.1)
    MahApps.Metro (2.0.0-alpha0821)
      ControlzEx (>= 4.3.0-alpha0107)
    Microsoft.Xaml.Behaviors.Wpf (1.1.19)
    System.Runtime.CompilerServices.Unsafe (4.7.1)
    System.Text.Encodings.Web (4.7.1)
    System.Text.Json (4.7.2)
      System.Runtime.CompilerServices.Unsafe (>= 4.7.1)
      System.Text.Encodings.Web (>= 4.7.1)
